PATH
  remote: .
  specs:
    gloves-core (0.0.1)
      gli (= 2.0.0.rc4)

GEM
  remote: http://rubygems.org/
  specs:
    gli (2.0.0.rc4)
    rake (0.9.2.2)

PLATFORMS
  ruby

DEPENDENCIES
  gloves-core!
  rake
